GIT
  remote: https://github.com/CDLUC3/uc3-ssm-gem
  revision: a486621558012c89edb8fc1745e90ab692481c0d
  branch: main
  specs:
    uc3_ssm (0.1.0)

GEM
  remote: https://rubygems.org/
  specs:
    mysql2 (0.5.3)

PLATFORMS
  ruby

DEPENDENCIES
  mysql2
  uc3_ssm!

BUNDLED WITH
   2.1.4
