GEM
  remote: https://rubygems.org/
  remote: https://rubygems.pkg.github.com/cdluc3/
  specs:
    aws-eventstream (1.1.0)
    aws-partitions (1.380.0)
    aws-sdk-core (3.109.0)
      aws-eventstream (~> 1, >= 1.0.2)
      aws-partitions (~> 1, >= 1.239.0)
      aws-sigv4 (~> 1.1)
      jmespath (~> 1.0)
    aws-sdk-ssm (1.93.0)
      aws-sdk-core (~> 3, >= 3.109.0)
      aws-sigv4 (~> 1.1)
    aws-sigv4 (1.2.2)
      aws-eventstream (~> 1, >= 1.0.2)
    jmespath (1.4.0)
    logger (1.4.2)
    mysql2 (0.5.3)
    uc3-ssm (0.1.8)
      aws-sdk-ssm (~> 1.84)
      logger (~> 1.4)
      yaml (~> 0.1)
    yaml (0.1.0)

PLATFORMS
  ruby

DEPENDENCIES
  mysql2
  uc3-ssm (= 0.1.8)!

BUNDLED WITH
   2.1.4
