GEM
  remote: https://rubygems.org/
  remote: https://rubygems.pkg.github.com/cdluc3/
  specs:
    mysql2 (0.5.3)
    uc3-ssm (0.1.1)

PLATFORMS
  ruby

DEPENDENCIES
  mysql2
  uc3-ssm (= 0.1.1)!

BUNDLED WITH
   2.1.4
