GIT
  remote: https://github.com/CDLUC3/uc3-ssm.git
  revision: 2193512e2aee52be3576b05e75138d4d7ad80d2b
  branch: merritt
  specs:
    uc3-ssm (0.3.7)
      aws-sdk-ssm (~> 1.84)
      logger (~> 1.4)
      yaml (~> 0.2.1)

GEM
  remote: https://rubygems.org/
  specs:
    aws-eventstream (1.2.0)
    aws-partitions (1.780.0)
    aws-sdk-core (3.175.0)
      aws-eventstream (~> 1, >= 1.0.2)
      aws-partitions (~> 1, >= 1.651.0)
      aws-sigv4 (~> 1.5)
      jmespath (~> 1, >= 1.6.1)
    aws-sdk-ssm (1.152.0)
      aws-sdk-core (~> 3, >= 3.174.0)
      aws-sigv4 (~> 1.1)
    aws-sigv4 (1.5.2)
      aws-eventstream (~> 1, >= 1.0.2)
    jmespath (1.6.2)
    logger (1.5.3)
    mysql2 (0.5.5)
    yaml (0.2.1)

PLATFORMS
  x86_64-linux

DEPENDENCIES
  mysql2
  uc3-ssm!

BUNDLED WITH
   2.2.33
