GIT
  remote: https://github.com/CDLUC3/uc3-ssm.git
  revision: 9614d8c9756436795ce8c2e6d2ab66cbd9282522
  tag: 1.0.4
  specs:
    uc3-ssm (1.0.3)

GEM
  remote: https://rubygems.org/
  specs:
    ast (2.4.2)
    base64 (0.2.0)
    httpclient (2.8.3)
    json (2.9.1)
    jwt (2.10.1)
      base64
    language_server-protocol (3.17.0.3)
    mustache (1.1.1)
    mysql2 (0.5.6)
    net-ldap (0.19.0)
    parallel (1.26.3)
    parser (3.3.6.0)
      ast (~> 2.4.1)
      racc
    racc (1.8.1)
    rainbow (3.1.1)
    regexp_parser (2.10.0)
    rubocop (1.69.2)
      json (~> 2.3)
      language_server-protocol (>= 3.17.0)
      parallel (~> 1.10)
      parser (>= 3.3.0.2)
      rainbow (>= 2.2.2, < 4.0)
      regexp_parser (>= 2.9.3, < 3.0)
      rubocop-ast (>= 1.36.2, < 2.0)
      ruby-progressbar (~> 1.7)
      unicode-display_width (>= 2.4.0, < 4.0)
    rubocop-ast (1.37.0)
      parser (>= 3.3.1.0)
    ruby-progressbar (1.13.0)
    rubyzip (2.4.1)
    unicode-display_width (3.1.3)
      unicode-emoji (~> 4.0, >= 4.0.4)
    unicode-emoji (4.0.4)

PLATFORMS
  x86_64-linux

DEPENDENCIES
  httpclient
  json
  jwt
  mustache
  mysql2
  net-ldap
  rubocop
  rubyzip
  uc3-ssm!

BUNDLED WITH
   2.2.33
