GIT
  remote: https://github.com/CDLUC3/mrt-zk.git
  revision: d70de77821cb5e574f28db235fd81a8673eac549
  tag: 2.2.1
  specs:
    mrt-zk (1.0.1)
      zk (~> 1.10.0)
      zookeeper (~> 1.5.5)

GIT
  remote: https://github.com/CDLUC3/uc3-ssm.git
  revision: 9614d8c9756436795ce8c2e6d2ab66cbd9282522
  tag: 1.0.4
  specs:
    uc3-ssm (1.0.3)

GEM
  remote: https://rubygems.org/
  specs:
    ast (2.4.2)
    aws-eventstream (1.3.0)
    aws-partitions (1.1042.0)
    aws-sdk-core (3.216.1)
      aws-eventstream (~> 1, >= 1.3.0)
      aws-partitions (~> 1, >= 1.992.0)
      aws-sigv4 (~> 1.9)
      jmespath (~> 1, >= 1.6.1)
    aws-sdk-ec2 (1.501.0)
      aws-sdk-core (~> 3, >= 3.216.0)
      aws-sigv4 (~> 1.5)
    aws-sdk-kms (1.97.0)
      aws-sdk-core (~> 3, >= 3.216.0)
      aws-sigv4 (~> 1.5)
    aws-sdk-lambda (1.145.0)
      aws-sdk-core (~> 3, >= 3.216.0)
      aws-sigv4 (~> 1.5)
    aws-sdk-s3 (1.178.0)
      aws-sdk-core (~> 3, >= 3.216.0)
      aws-sdk-kms (~> 1)
      aws-sigv4 (~> 1.5)
    aws-sdk-ssm (1.187.0)
      aws-sdk-core (~> 3, >= 3.216.0)
      aws-sigv4 (~> 1.5)
    aws-sigv4 (1.11.0)
      aws-eventstream (~> 1, >= 1.0.2)
    csv (3.3.2)
    domain_name (0.6.20240107)
    http-accept (1.7.0)
    http-cookie (1.0.8)
      domain_name (~> 0.5)
    jmespath (1.6.2)
    json (2.9.1)
    language_server-protocol (3.17.0.3)
    logger (1.6.5)
    mime-types (3.6.0)
      logger
      mime-types-data (~> 3.2015)
    mime-types-data (3.2025.0107)
    mini_portile2 (2.8.8)
    mysql2 (0.5.6)
    netrc (0.11.0)
    nokogiri (1.18.2)
      mini_portile2 (~> 2.8.2)
      racc (~> 1.4)
    nokogiri (1.18.2-x86_64-linux-gnu)
      racc (~> 1.4)
    parallel (1.26.3)
    parser (3.3.7.0)
      ast (~> 2.4.1)
      racc
    racc (1.8.1)
    rainbow (3.1.1)
    regexp_parser (2.10.0)
    rest-client (2.1.0)
      http-accept (>= 1.7.0, < 2.0)
      http-cookie (>= 1.0.2, < 2.0)
      mime-types (>= 1.16, < 4.0)
      netrc (~> 0.8)
    rubocop (1.71.0)
      json (~> 2.3)
      language_server-protocol (>= 3.17.0)
      parallel (~> 1.10)
      parser (>= 3.3.0.2)
      rainbow (>= 2.2.2, < 4.0)
      regexp_parser (>= 2.9.3, < 3.0)
      rubocop-ast (>= 1.36.2, < 2.0)
      ruby-progressbar (~> 1.7)
      unicode-display_width (>= 2.4.0, < 4.0)
    rubocop-ast (1.37.0)
      parser (>= 3.3.1.0)
    ruby-progressbar (1.13.0)
    unicode-display_width (3.1.4)
      unicode-emoji (~> 4.0, >= 4.0.4)
    unicode-emoji (4.0.4)
    zk (1.10.0)
      zookeeper (~> 1.5.0)
    zookeeper (1.5.5)

PLATFORMS
  ruby
  x86_64-linux

DEPENDENCIES
  aws-sdk-ec2
  aws-sdk-lambda
  aws-sdk-s3
  aws-sdk-ssm
  csv
  json
  mrt-zk!
  mysql2
  nokogiri
  rest-client
  rubocop
  uc3-ssm!
  zk
  zookeeper

BUNDLED WITH
   2.6.3
