GIT
  remote: https://github.com/CDLUC3/uc3-ssm.git
  revision: 9765a8d08d9103501e61905e7fa91088ea9c0d09
  branch: main
  specs:
    uc3-ssm (0.3.10)
      aws-sdk-ssm (~> 1.84)
      logger (~> 1.4)
      yaml (~> 0.2.1)

GEM
  remote: https://rubygems.org/
  specs:
    aws-eventstream (1.3.0)
    aws-partitions (1.876.0)
    aws-sdk-core (3.190.1)
      aws-eventstream (~> 1, >= 1.3.0)
      aws-partitions (~> 1, >= 1.651.0)
      aws-sigv4 (~> 1.8)
      jmespath (~> 1, >= 1.6.1)
    aws-sdk-kms (1.75.0)
      aws-sdk-core (~> 3, >= 3.188.0)
      aws-sigv4 (~> 1.1)
    aws-sdk-s3 (1.142.0)
      aws-sdk-core (~> 3, >= 3.189.0)
      aws-sdk-kms (~> 1)
      aws-sigv4 (~> 1.8)
    aws-sdk-ssm (1.162.0)
      aws-sdk-core (~> 3, >= 3.188.0)
      aws-sigv4 (~> 1.1)
    aws-sigv4 (1.8.0)
      aws-eventstream (~> 1, >= 1.0.2)
    jmespath (1.6.2)
    json (2.7.1)
    logger (1.6.0)
    mysql2 (0.5.5)
    yaml (0.2.1)

PLATFORMS
  x86_64-linux

DEPENDENCIES
  aws-sdk-s3
  json
  mysql2
  uc3-ssm (= 0.3.10)!

BUNDLED WITH
   2.2.33
