GIT
  remote: https://github.com/CDLUC3/uc3-ssm.git
  revision: 74b5d8da5e54ccb63cbdd1539e226852c369ec7b
  branch: main
  specs:
    uc3-ssm (0.3.0)
      aws-sdk-ssm (~> 1.84)
      logger (~> 1.4)
      yaml (~> 0.1)

GEM
  remote: https://rubygems.org/
  specs:
    aws-eventstream (1.1.1)
    aws-partitions (1.462.0)
    aws-sdk-core (3.114.0)
      aws-eventstream (~> 1, >= 1.0.2)
      aws-partitions (~> 1, >= 1.239.0)
      aws-sigv4 (~> 1.1)
      jmespath (~> 1.0)
    aws-sdk-kms (1.43.0)
      aws-sdk-core (~> 3, >= 3.112.0)
      aws-sigv4 (~> 1.1)
    aws-sdk-s3 (1.95.1)
      aws-sdk-core (~> 3, >= 3.112.0)
      aws-sdk-kms (~> 1)
      aws-sigv4 (~> 1.1)
    aws-sdk-ssm (1.110.0)
      aws-sdk-core (~> 3, >= 3.112.0)
      aws-sigv4 (~> 1.1)
    aws-sigv4 (1.2.3)
      aws-eventstream (~> 1, >= 1.0.2)
    jmespath (1.6.1)
    json (2.5.1)
    logger (1.4.3)
    mysql2 (0.5.3)
    yaml (0.1.1)

PLATFORMS
  ruby

DEPENDENCIES
  aws-sdk-s3
  json
  mysql2
  uc3-ssm!

BUNDLED WITH
   2.1.4
